GEM
  remote: http://rubygems.org/
  specs:
    diff-lcs (1.1.3)
    facter (1.6.9)
    metaclass (0.0.1)
    mocha (0.11.4)
      metaclass (~> 0.0.1)
    puppet (2.7.14)
      facter (>= 1.5.1)
    rake (0.9.2.2)
    rspec (2.10.0)
      rspec-core (~> 2.10.0)
      rspec-expectations (~> 2.10.0)
      rspec-mocks (~> 2.10.0)
    rspec-core (2.10.1)
    rspec-expectations (2.10.0)
      diff-lcs (~> 1.1.3)
    rspec-mocks (2.10.1)

PLATFORMS
  ruby

DEPENDENCIES
  facter (~> 1.6.0)
  mocha
  puppet (~> 2.7.0)
  rake
  rspec
